GEM
  remote: https://rubygems.org/
  specs:
    json (1.8.2)
    marc (1.0.0)
      scrub_rb (>= 1.0.1, < 2)
      unf
    minitest (5.6.0)
    scrub_rb (1.0.1)
    unf (0.1.4)
      unf_ext
    unf_ext (0.0.6)

PLATFORMS
  ruby

DEPENDENCIES
  json
  marc
  minitest
